GEM
  remote: https://rubygems.org/
  specs:
    POpen4 (0.1.4)
      Platform (>= 0.4.0)
      open4
    Platform (0.4.0)
    actionmailer (3.2.1)
      actionpack (= 3.2.1)
      mail (~> 2.4.0)
    actionpack (3.2.1)
      activemodel (= 3.2.1)
      activesupport (= 3.2.1)
      builder (~> 3.0.0)
      erubis (~> 2.7.0)
      journey (~> 1.0.1)
      rack (~> 1.4.0)
      rack-cache (~> 1.1)
      rack-test (~> 0.6.1)
      sprockets (~> 2.1.2)
    activemodel (3.2.1)
      activesupport (= 3.2.1)
      builder (~> 3.0.0)
    activerecord (3.2.1)
      activemodel (= 3.2.1)
      activesupport (= 3.2.1)
      arel (~> 3.0.0)
      tzinfo (~> 0.3.29)
    activeresource (3.2.1)
      activemodel (= 3.2.1)
      activesupport (= 3.2.1)
    activesupport (3.2.1)
      i18n (~> 0.6)
      multi_json (~> 1.0)
    addressable (2.2.8)
    algorithms (0.5.0)
    annotate (2.4.0)
    app_constants (1.0.4)
    arel (3.0.2)
    builder (3.0.0)
    client_side_validations (3.1.4)
    coffee-rails (3.2.2)
      coffee-script (>= 2.2.0)
      railties (~> 3.2.0)
    coffee-script (2.2.0)
      coffee-script-source
      execjs
    coffee-script-source (1.3.3)
    cookiejar (0.3.0)
    daemons (1.1.8)
    date_validator (0.6.3)
      activemodel (~> 3.0)
    delayed_job (3.0.3)
      activesupport (~> 3.0)
    delayed_job_active_record (0.3.2)
      activerecord (> 2.1.0)
      delayed_job (~> 3.0.0)
    dj_remixes (0.2.4)
      mark_facets (>= 0.1.0)
    em-http-request (1.0.2)
      addressable (>= 2.2.3)
      cookiejar
      em-socksify
      eventmachine (>= 1.0.0.beta.4)
      http_parser.rb (>= 0.5.3)
    em-socksify (0.2.0)
      eventmachine (>= 1.0.0.beta.4)
    em-synchrony (1.0.2)
      eventmachine (>= 1.0.0.beta.1)
    erubis (2.7.0)
    eventmachine (1.0.0.rc.4)
    excon (0.14.2)
    execjs (1.4.0)
      multi_json (~> 1.0)
    faraday (0.8.1)
      multipart-post (~> 1.1)
    hashie (1.2.0)
    heroku (2.28.8)
      heroku-api (~> 0.2.6)
      launchy (>= 0.3.2)
      netrc (~> 0.7.5)
      rest-client (~> 1.6.1)
      rubyzip
    heroku-api (0.2.6)
      excon (~> 0.14.0)
    hike (1.2.1)
    http_parser.rb (0.5.3)
    httpauth (0.1)
    i18n (0.6.0)
    i18n-inflector (2.6.6)
      i18n (>= 0.4.1)
    i18n-inflector-rails (1.0.6)
      actionpack (~> 3.0)
      i18n-inflector (~> 2.6)
      railties (~> 3.0)
    jammit (0.6.5)
      yui-compressor (>= 0.9.3)
    journey (1.0.4)
    jquery-rails (2.0.2)
      railties (>= 3.2.0, < 5.0)
      thor (~> 0.14)
    json (1.7.3)
    jwt (0.1.4)
      json (>= 1.2.4)
    koala (1.5.0)
      faraday (~> 0.7)
      multi_json (~> 1.3)
    launchy (2.1.0)
      addressable (~> 2.2.6)
    mail (2.4.4)
      i18n (>= 0.4.0)
      mime-types (~> 1.16)
      treetop (~> 1.4.8)
    mark_facets (0.2.0)
      hashie
    meta-tags (1.2.6)
      actionpack
    mime-types (1.19)
    multi_json (1.3.6)
    multipart-post (1.1.5)
    netrc (0.7.5)
    nokogiri (1.5.5)
    oa-core (0.3.2)
    oauth (0.4.6)
    oauth2 (0.8.0)
      faraday (~> 0.8)
      httpauth (~> 0.1)
      jwt (~> 0.1.4)
      multi_json (~> 1.0)
      rack (~> 1.2)
    omniauth (1.1.0)
      hashie (~> 1.2)
      rack
    omniauth-facebook (1.4.0)
      omniauth-oauth2 (~> 1.0.2)
    omniauth-linkedin (0.0.6)
      omniauth-oauth (~> 1.0.0)
    omniauth-oauth (1.0.1)
      oauth
      omniauth (~> 1.0)
    omniauth-oauth2 (1.0.3)
      oauth2 (~> 0.8.0)
      omniauth (~> 1.0)
    omniauth-twitter (0.0.12)
      multi_json (~> 1.3)
      omniauth-oauth (~> 1.0)
    open4 (1.3.0)
    pg (0.14.0)
    polyamorous (0.5.0)
      activerecord (~> 3.0)
    polyglot (0.3.3)
    rack (1.4.1)
    rack-cache (1.2)
      rack (>= 0.4)
    rack-ssl (1.3.2)
      rack
    rack-test (0.6.1)
      rack (>= 1.0)
    rails (3.2.1)
      actionmailer (= 3.2.1)
      actionpack (= 3.2.1)
      activerecord (= 3.2.1)
      activeresource (= 3.2.1)
      activesupport (= 3.2.1)
      bundler (~> 1.0)
      railties (= 3.2.1)
    rails3-generators (0.17.4)
      railties (>= 3.0.0)
    railties (3.2.1)
      actionpack (= 3.2.1)
      activesupport (= 3.2.1)
      rack-ssl (~> 1.3.2)
      rake (>= 0.8.7)
      rdoc (~> 3.4)
      thor (~> 0.14.6)
    rake (0.9.2.2)
    rdoc (3.12)
      json (~> 1.4)
    rest-client (1.6.7)
      mime-types (>= 1.16)
    rubyzip (0.9.9)
    sass (3.1.20)
    sass-rails (3.2.5)
      railties (~> 3.2.0)
      sass (>= 3.1.10)
      tilt (~> 1.3)
    simple_form (1.4.1)
    simple_oauth (0.1.8)
    sprockets (2.1.3)
      hike (~> 1.2)
      rack (~> 1.0)
      tilt (~> 1.1, != 1.3.0)
    squeel (1.0.6)
      activerecord (~> 3.0)
      activesupport (~> 3.0)
      polyamorous (~> 0.5.0)
    thin (1.4.1)
      daemons (>= 1.0.9)
      eventmachine (>= 0.12.6)
      rack (>= 1.0.0)
    thor (0.14.6)
    tilt (1.3.3)
    treetop (1.4.10)
      polyglot
      polyglot (>= 0.3.1)
    twitter (3.0.4)
      faraday (~> 0.8)
      multi_json (~> 1.3)
      simple_oauth (~> 0.1.6)
    tzinfo (0.3.33)
    uglifier (1.2.6)
      execjs (>= 0.3.0)
      multi_json (~> 1.3)
    validates_existence (0.7.1)
    yajl-ruby (1.1.0)
    yui-compressor (0.9.6)
      POpen4 (>= 0.1.4)

PLATFORMS
  ruby

DEPENDENCIES
  addressable
  algorithms
  annotate
  app_constants
  client_side_validations
  coffee-rails (~> 3.2.1)
  date_validator
  delayed_job
  delayed_job_active_record
  dj_remixes
  em-http-request
  em-synchrony
  heroku
  i18n-inflector-rails
  jammit
  jquery-rails
  json
  koala
  meta-tags
  nokogiri
  oa-core
  oauth
  omniauth
  omniauth-facebook
  omniauth-linkedin
  omniauth-twitter
  pg
  rails (= 3.2.1)
  rails3-generators
  sass-rails (~> 3.2.3)
  simple_form (= 1.4.1)
  squeel
  thin
  twitter
  uglifier (>= 1.0.3)
  validates_existence (>= 0.4)
  yajl-ruby
